GEM
  remote: https://rubygems.org/
  specs:
    addressable (2.4.0)
    capybara (2.7.1)
      addressable
      mime-types (>= 1.16)
      nokogiri (>= 1.3.3)
      rack (>= 1.0.0)
      rack-test (>= 0.5.4)
      xpath (~> 2.0)
    childprocess (0.5.9)
      ffi (~> 1.0, >= 1.0.11)
    ffi (1.9.14)
    mime-types (3.1)
      mime-types-data (~> 3.2015)
    mime-types-data (3.2016.0521)
    mini_portile2 (2.1.0)
    nokogiri (1.6.8)
      mini_portile2 (~> 2.1.0)
      pkg-config (~> 1.1.7)
    pg (0.18.4)
    pkg-config (1.1.7)
    rack (2.0.1)
    rack-test (0.6.3)
      rack (>= 1.0)
    rubyzip (1.2.0)
    selenium-webdriver (2.53.4)
      childprocess (~> 0.5)
      rubyzip (~> 1.0)
      websocket (~> 1.0)
    sequel (4.36.0)
    site_prism (2.9)
      addressable (>= 2.3.3, < 3.0)
      capybara (>= 2.1, < 3.0)
    websocket (1.2.3)
    xpath (2.0.0)
      nokogiri (~> 1.3)

PLATFORMS
  ruby

DEPENDENCIES
  capybara
  pg
  selenium-webdriver
  sequel
  site_prism

BUNDLED WITH
   1.11.2
